GIT
  remote: git://github.com/sinatra/sinatra.git
  revision: 27d1716c7388db9f3c07d07c8b0c3c285d5caf42
  specs:
    sinatra (1.4.5)
      rack (~> 1.4)
      rack-protection (~> 1.4)
      tilt (>= 1.3, < 3)

GEM
  remote: https://rubygems.org/
  specs:
    activesupport (4.2.0)
      i18n (~> 0.7)
      json (~> 1.7, >= 1.7.7)
      minitest (~> 5.1)
      thread_safe (~> 0.3, >= 0.3.4)
      tzinfo (~> 1.1)
    awesome_print (1.6.1)
    code_analyzer (0.4.5)
      sexp_processor
    colored (1.2)
    daemons (1.1.9)
    erubis (2.7.0)
    eventmachine (1.0.4)
    i18n (0.7.0)
    json (1.8.2)
    minitest (5.5.1)
    rack (1.6.0)
    rack-protection (1.5.3)
      rack
    rails_best_practices (1.15.4)
      activesupport
      awesome_print
      code_analyzer (>= 0.4.3)
      colored
      erubis
      i18n
      json
      require_all
      ruby-progressbar
    require_all (1.3.2)
    ruby-progressbar (1.7.1)
    sexp_processor (4.4.5)
    thin (1.6.3)
      daemons (~> 1.0, >= 1.0.9)
      eventmachine (~> 1.0)
      rack (~> 1.0)
    thread_safe (0.3.4)
    tilt (2.0.1)
    tzinfo (1.2.2)
      thread_safe (~> 0.1)

PLATFORMS
  ruby

DEPENDENCIES
  rails_best_practices
  sinatra!
  thin
